GIT
  remote: https://github.com/DFE-Digital/dfe-analytics.git
  revision: bfa569a60b4fca7545ca7b72764c526b65d913b9
  tag: v1.5.3
  specs:
    dfe-analytics (1.5.3)
      google-cloud-bigquery (~> 1.38)
      request_store_rails (~> 2)

GEM
  remote: https://rubygems.org/
  specs:
    actioncable (7.0.4)
      actionpack (= 7.0.4)
      activesupport (= 7.0.4)
      nio4r (~> 2.0)
      websocket-driver (>= 0.6.1)
    actionmailbox (7.0.4)
      actionpack (= 7.0.4)
      activejob (= 7.0.4)
      activerecord (= 7.0.4)
      activestorage (= 7.0.4)
      activesupport (= 7.0.4)
      mail (>= 2.7.1)
      net-imap
      net-pop
      net-smtp
    actionmailer (7.0.4)
      actionpack (= 7.0.4)
      actionview (= 7.0.4)
      activejob (= 7.0.4)
      activesupport (= 7.0.4)
      mail (~> 2.5, >= 2.5.4)
      net-imap
      net-pop
      net-smtp
      rails-dom-testing (~> 2.0)
    actionpack (7.0.4)
      actionview (= 7.0.4)
      activesupport (= 7.0.4)
      rack (~> 2.0, >= 2.2.0)
      rack-test (>= 0.6.3)
      rails-dom-testing (~> 2.0)
      rails-html-sanitizer (~> 1.0, >= 1.2.0)
    actiontext (7.0.4)
      actionpack (= 7.0.4)
      activerecord (= 7.0.4)
      activestorage (= 7.0.4)
      activesupport (= 7.0.4)
      globalid (>= 0.6.0)
      nokogiri (>= 1.8.5)
    actionview (7.0.4)
      activesupport (= 7.0.4)
      builder (~> 3.1)
      erubi (~> 1.4)
      rails-dom-testing (~> 2.0)
      rails-html-sanitizer (~> 1.1, >= 1.2.0)
    activejob (7.0.4)
      activesupport (= 7.0.4)
      globalid (>= 0.3.6)
    activemodel (7.0.4)
      activesupport (= 7.0.4)
    activemodel-serializers-xml (1.0.2)
      activemodel (> 5.x)
      activesupport (> 5.x)
      builder (~> 3.1)
    activerecord (7.0.4)
      activemodel (= 7.0.4)
      activesupport (= 7.0.4)
    activestorage (7.0.4)
      actionpack (= 7.0.4)
      activejob (= 7.0.4)
      activerecord (= 7.0.4)
      activesupport (= 7.0.4)
      marcel (~> 1.0)
      mini_mime (>= 1.1.0)
    activesupport (7.0.4)
      concurrent-ruby (~> 1.0, >= 1.0.2)
      i18n (>= 1.6, < 2)
      minitest (>= 5.1)
      tzinfo (~> 2.0)
    addressable (2.8.1)
      public_suffix (>= 2.0.2, < 6.0)
    amazing_print (1.4.0)
    ast (2.4.2)
    better_errors (2.9.1)
      coderay (>= 1.0.0)
      erubi (>= 1.0.0)
      rack (>= 0.9.0)
    better_html (2.0.1)
      actionview (>= 6.0)
      activesupport (>= 6.0)
      ast (~> 2.0)
      erubi (~> 1.4)
      parser (>= 2.4)
      smart_properties
    bindex (0.8.1)
    binding_of_caller (1.0.0)
      debug_inspector (>= 0.0.1)
    bootsnap (1.15.0)
      msgpack (~> 1.2)
    brakeman (5.4.0)
    builder (3.2.4)
    byebug (11.1.3)
    canonical-rails (0.2.14)
      rails (>= 4.1, <= 7.1)
    capybara (3.38.0)
      addressable
      matrix
      mini_mime (>= 0.1.3)
      nokogiri (~> 1.8)
      rack (>= 1.6.0)
      rack-test (>= 0.6.3)
      regexp_parser (>= 1.5, < 3.0)
      xpath (~> 3.2)
    childprocess (4.1.0)
    cloudfront-rails (0.4.0)
      railties (> 4.0)
    coderay (1.1.3)
    concurrent-ruby (1.1.10)
    config (4.1.0)
      deep_merge (~> 1.2, >= 1.2.1)
      dry-validation (~> 1.0, >= 1.0.0)
    connection_pool (2.3.0)
    crack (0.4.5)
      rexml
    crass (1.0.6)
    debug_inspector (1.0.0)
    declarative (0.0.20)
    deep_merge (1.2.2)
    diff-lcs (1.5.0)
    digest (3.1.0)
    docile (1.3.2)
    domain_name (0.5.20190701)
      unf (>= 0.0.5, < 1.0.0)
    draper (4.0.2)
      actionpack (>= 5.0)
      activemodel (>= 5.0)
      activemodel-serializers-xml (>= 1.0)
      activesupport (>= 5.0)
      request_store (>= 1.0)
      ruby2_keywords
    dry-configurable (1.0.0)
      dry-core (~> 1.0, < 2)
      zeitwerk (~> 2.6)
    dry-core (1.0.0)
      concurrent-ruby (~> 1.0)
      zeitwerk (~> 2.6)
    dry-inflector (1.0.0)
    dry-initializer (3.1.1)
    dry-logic (1.4.0)
      concurrent-ruby (~> 1.0)
      dry-core (~> 1.0, < 2)
      zeitwerk (~> 2.6)
    dry-schema (1.12.0)
      concurrent-ruby (~> 1.0)
      dry-configurable (~> 1.0, < 2)
      dry-core (~> 1.0, < 2)
      dry-initializer (~> 3.0)
      dry-logic (>= 1.4, < 2)
      dry-types (>= 1.7, < 2)
      zeitwerk (~> 2.6)
    dry-types (1.7.0)
      concurrent-ruby (~> 1.0)
      dry-core (~> 1.0, < 2)
      dry-inflector (~> 1.0, < 2)
      dry-logic (>= 1.4, < 2)
      zeitwerk (~> 2.6)
    dry-validation (1.10.0)
      concurrent-ruby (~> 1.0)
      dry-core (~> 1.0, < 2)
      dry-initializer (~> 3.0)
      dry-schema (>= 1.12, < 2)
      zeitwerk (~> 2.6)
    erb_lint (0.3.1)
      activesupport
      better_html (>= 2.0.1)
      parser (>= 2.7.1.4)
      rainbow
      rubocop
      smart_properties
    erubi (1.11.0)
    et-orbi (1.2.7)
      tzinfo
    factory_bot (6.2.0)
      activesupport (>= 5.0.0)
    factory_bot_rails (6.2.0)
      factory_bot (~> 6.2.0)
      railties (>= 5.0.0)
    faker (3.1.0)
      i18n (>= 1.8.11, < 2)
    faraday (1.10.2)
      faraday-em_http (~> 1.0)
      faraday-em_synchrony (~> 1.0)
      faraday-excon (~> 1.1)
      faraday-httpclient (~> 1.0)
      faraday-multipart (~> 1.0)
      faraday-net_http (~> 1.0)
      faraday-net_http_persistent (~> 1.0)
      faraday-patron (~> 1.0)
      faraday-rack (~> 1.0)
      faraday-retry (~> 1.0)
      ruby2_keywords (>= 0.0.4)
    faraday-em_http (1.0.0)
    faraday-em_synchrony (1.0.0)
    faraday-excon (1.1.0)
    faraday-httpclient (1.0.1)
    faraday-multipart (1.0.4)
      multipart-post (~> 2)
    faraday-net_http (1.0.1)
    faraday-net_http_persistent (1.2.0)
    faraday-patron (1.0.0)
    faraday-rack (1.0.0)
    faraday-retry (1.0.3)
    faraday_middleware (1.2.0)
      faraday (~> 1.0)
    ffi (1.15.5)
    ffi-compiler (1.0.1)
      ffi (>= 1.0.0)
      rake
    foreman (0.87.2)
    fugit (1.8.0)
      et-orbi (~> 1, >= 1.2.7)
      raabro (~> 1.4)
    geocoder (1.8.1)
    geokit (1.13.1)
    globalid (1.0.0)
      activesupport (>= 5.0)
    google-apis-bigquery_v2 (0.42.0)
      google-apis-core (>= 0.9.0, < 2.a)
    google-apis-core (0.9.1)
      addressable (~> 2.5, >= 2.5.1)
      googleauth (>= 0.16.2, < 2.a)
      httpclient (>= 2.8.1, < 3.a)
      mini_mime (~> 1.0)
      representable (~> 3.0)
      retriable (>= 2.0, < 4.a)
      rexml
      webrick
    google-cloud-bigquery (1.39.0)
      concurrent-ruby (~> 1.0)
      google-apis-bigquery_v2 (~> 0.1)
      google-cloud-core (~> 1.6)
      googleauth (>= 0.16.2, < 2.a)
      mini_mime (~> 1.0)
    google-cloud-core (1.6.0)
      google-cloud-env (~> 1.0)
      google-cloud-errors (~> 1.0)
    google-cloud-env (1.6.0)
      faraday (>= 0.17.3, < 3.0)
    google-cloud-errors (1.3.0)
    googleauth (1.3.0)
      faraday (>= 0.17.3, < 3.a)
      jwt (>= 1.4, < 3.0)
      memoist (~> 0.16)
      multi_json (~> 1.11)
      os (>= 0.9, < 2.0)
      signet (>= 0.16, < 2.a)
    govuk-components (3.3.0)
      html-attributes-utils (~> 0.9, >= 0.9.2)
      pagy (~> 5.10.1)
      view_component (~> 2.74.1)
    govuk_design_system_formbuilder (3.3.0)
      actionview (>= 6.1)
      activemodel (>= 6.1)
      activesupport (>= 6.1)
      html-attributes-utils (~> 0.9, >= 0.9.2)
    hashdiff (1.0.1)
    html-attributes-utils (0.9.2)
      activesupport (>= 6.1.4.4)
    http (5.1.1)
      addressable (~> 2.8)
      http-cookie (~> 1.0)
      http-form_data (~> 2.2)
      llhttp-ffi (~> 0.4.0)
    http-cookie (1.0.5)
      domain_name (~> 0.5)
    http-form_data (2.3.0)
    httpclient (2.8.3)
    i18n (1.12.0)
      concurrent-ruby (~> 1.0)
    json (2.6.3)
    json-schema (3.0.0)
      addressable (>= 2.8)
    json_api_client (1.21.0)
      activemodel (>= 3.2.0)
      activesupport (>= 3.2.0)
      addressable (~> 2.2)
      faraday (>= 0.15.2, < 2.0)
      faraday_middleware (>= 0.9.0, < 2.0)
      rack (>= 0.2)
    jsonapi-deserializable (0.2.0)
    jsonapi-renderer (0.2.2)
    jsonapi-serializable (0.3.1)
      jsonapi-renderer (~> 0.2.0)
    jwt (2.5.0)
    kaminari (1.2.2)
      activesupport (>= 4.1.0)
      kaminari-actionview (= 1.2.2)
      kaminari-activerecord (= 1.2.2)
      kaminari-core (= 1.2.2)
    kaminari-actionview (1.2.2)
      actionview
      kaminari-core (= 1.2.2)
    kaminari-activerecord (1.2.2)
      activerecord
      kaminari-core (= 1.2.2)
    kaminari-core (1.2.2)
    language_server-protocol (3.17.0.2)
    launchy (2.5.2)
      addressable (~> 2.8)
    listen (3.7.1)
      rb-fsevent (~> 0.10, >= 0.10.3)
      rb-inotify (~> 0.9, >= 0.9.10)
    llhttp-ffi (0.4.0)
      ffi-compiler (~> 1.0)
      rake (~> 13.0)
    loofah (2.19.1)
      crass (~> 1.0.2)
      nokogiri (>= 1.5.9)
    mail (2.7.1)
      mini_mime (>= 0.1.1)
    marcel (1.0.2)
    matrix (0.4.2)
    memoist (0.16.2)
    method_source (1.0.0)
    mini_mime (1.1.2)
    mini_portile2 (2.8.0)
    minitest (5.17.0)
    msgpack (1.6.0)
    multi_json (1.15.0)
    multipart-post (2.2.3)
    net-http-persistent (4.0.1)
      connection_pool (~> 2.2)
    net-imap (0.2.3)
      digest
      net-protocol
      strscan
    net-pop (0.1.1)
      digest
      net-protocol
      timeout
    net-protocol (0.1.3)
      timeout
    net-smtp (0.3.1)
      digest
      net-protocol
      timeout
    nio4r (2.5.8)
    nokogiri (1.13.10)
      mini_portile2 (~> 2.8.0)
      racc (~> 1.4)
    os (1.1.4)
    pagy (5.10.1)
      activesupport
    parallel (1.22.1)
    parser (3.2.0.0)
      ast (~> 2.4.1)
    pkg-config (1.5.1)
    prettier_print (1.1.0)
    pry (0.14.1)
      coderay (~> 1.1)
      method_source (~> 1.0)
    pry-byebug (3.10.1)
      byebug (~> 11.0)
      pry (>= 0.13, < 0.15)
    public_suffix (5.0.1)
    puma (6.0.2)
      nio4r (~> 2.0)
    raabro (1.4.0)
    racc (1.6.1)
    rack (2.2.5)
    rack-mini-profiler (3.0.0)
      rack (>= 1.2.0)
    rack-proxy (0.7.0)
      rack
    rack-test (2.0.2)
      rack (>= 1.3)
    rails (7.0.4)
      actioncable (= 7.0.4)
      actionmailbox (= 7.0.4)
      actionmailer (= 7.0.4)
      actionpack (= 7.0.4)
      actiontext (= 7.0.4)
      actionview (= 7.0.4)
      activejob (= 7.0.4)
      activemodel (= 7.0.4)
      activerecord (= 7.0.4)
      activestorage (= 7.0.4)
      activesupport (= 7.0.4)
      bundler (>= 1.15.0)
      railties (= 7.0.4)
    rails-dom-testing (2.0.3)
      activesupport (>= 4.2.0)
      nokogiri (>= 1.6)
    rails-html-sanitizer (1.4.4)
      loofah (~> 2.19, >= 2.19.1)
    rails_semantic_logger (4.11.0)
      rack
      railties (>= 5.1)
      semantic_logger (~> 4.9)
    railties (7.0.4)
      actionpack (= 7.0.4)
      activesupport (= 7.0.4)
      method_source
      rake (>= 12.2)
      thor (~> 1.0)
      zeitwerk (~> 2.5)
    rainbow (3.1.1)
    rake (13.0.6)
    rb-fsevent (0.11.2)
    rb-inotify (0.10.1)
      ffi (~> 1.0)
    redcarpet (3.5.1)
    redis (4.8.0)
    regexp_parser (2.6.1)
    representable (3.2.0)
      declarative (< 0.1.0)
      trailblazer-option (>= 0.1.1, < 0.2.0)
      uber (< 0.2.0)
    request_store (1.5.1)
      rack (>= 1.4)
    request_store_rails (2.0.0)
      concurrent-ruby (~> 1.0)
    retriable (3.1.2)
    rexml (3.2.5)
    rspec-core (3.11.0)
      rspec-support (~> 3.11.0)
    rspec-expectations (3.11.1)
      diff-lcs (>= 1.2.0, < 2.0)
      rspec-support (~> 3.11.0)
    rspec-mocks (3.11.1)
      diff-lcs (>= 1.2.0, < 2.0)
      rspec-support (~> 3.11.0)
    rspec-rails (6.0.1)
      actionpack (>= 6.1)
      activesupport (>= 6.1)
      railties (>= 6.1)
      rspec-core (~> 3.11)
      rspec-expectations (~> 3.11)
      rspec-mocks (~> 3.11)
      rspec-support (~> 3.11)
    rspec-support (3.11.1)
    rspec_junit_formatter (0.6.0)
      rspec-core (>= 2, < 4, != 2.12.0)
    rubocop (1.42.0)
      json (~> 2.3)
      parallel (~> 1.10)
      parser (>= 3.1.2.1)
      rainbow (>= 2.2.2, < 4.0)
      regexp_parser (>= 1.8, < 3.0)
      rexml (>= 3.2.5, < 4.0)
      rubocop-ast (>= 1.24.1, < 2.0)
      ruby-progressbar (~> 1.7)
      unicode-display_width (>= 1.4.0, < 3.0)
    rubocop-ast (1.24.1)
      parser (>= 3.1.1.0)
    rubocop-rails (2.17.4)
      activesupport (>= 4.2.0)
      rack (>= 1.1)
      rubocop (>= 1.33.0, < 2.0)
    rubocop-rake (0.6.0)
      rubocop (~> 1.0)
    rubocop-rspec (2.16.0)
      rubocop (~> 1.33)
    ruby-lsp (0.3.7)
      language_server-protocol (~> 3.17.0)
      sorbet-runtime
      syntax_tree (>= 4.0.2, < 5.0.0)
    ruby-progressbar (1.11.0)
    ruby2_keywords (0.0.5)
    rubypants (0.7.1)
    rubyzip (2.3.2)
    sass (3.7.4)
      sass-listen (~> 4.0.0)
    sass-listen (4.0.0)
      rb-fsevent (~> 0.9, >= 0.9.4)
      rb-inotify (~> 0.9, >= 0.9.7)
    scss_lint (0.59.0)
      sass (~> 3.5, >= 3.5.5)
    scss_lint-govuk (0.2.0)
      scss_lint
    selenium-webdriver (4.5.0)
      childprocess (>= 0.5, < 5.0)
      rexml (~> 3.2, >= 3.2.5)
      rubyzip (>= 1.2.2, < 3.0)
      websocket (~> 1.0)
    semantic_logger (4.12.0)
      concurrent-ruby (~> 1.0)
    semantic_range (3.0.0)
    sentry-rails (5.7.0)
      railties (>= 5.0)
      sentry-ruby (~> 5.7.0)
    sentry-ruby (5.7.0)
      concurrent-ruby (~> 1.0, >= 1.0.2)
    sentry-sidekiq (5.7.0)
      sentry-ruby (~> 5.7.0)
      sidekiq (>= 3.0)
    sidekiq (6.5.7)
      connection_pool (>= 2.2.5)
      rack (~> 2.0)
      redis (>= 4.5.0, < 5)
    sidekiq-cron (1.9.1)
      fugit (~> 1.8)
      sidekiq (>= 4.2.1)
    signet (0.17.0)
      addressable (~> 2.8)
      faraday (>= 0.17.5, < 3.a)
      jwt (>= 1.5, < 3.0)
      multi_json (~> 1.10)
    simplecov (0.17.1)
      docile (~> 1.1)
      json (>= 1.8, < 3)
      simplecov-html (~> 0.10.0)
    simplecov-html (0.10.2)
    site_prism (3.7.3)
      addressable (~> 2.6)
      capybara (~> 3.15)
      site_prism-all_there (>= 0.3.1, < 1.0)
    site_prism-all_there (0.3.2)
    skylight (5.3.4)
      activesupport (>= 5.2.0)
    smart_properties (1.17.0)
    sorbet-runtime (0.5.10588)
    spring (4.1.1)
    spring-watcher-listen (2.1.0)
      listen (>= 2.7, < 4.0)
      spring (>= 4)
    strscan (3.0.4)
    syntax_tree (4.3.0)
      prettier_print (>= 1.0.2)
    thor (1.2.1)
    timecop (0.9.6)
    timeout (0.3.0)
    trailblazer-option (0.1.2)
    tzinfo (2.0.5)
      concurrent-ruby (~> 1.0)
    uber (0.1.0)
    unf (0.1.4)
      unf_ext
    unf_ext (0.0.8.2)
    unicode-display_width (2.4.0)
    view_component (2.74.1)
      activesupport (>= 5.0.0, < 8.0)
      concurrent-ruby (~> 1.0)
      method_source (~> 1.0)
    web-console (4.2.0)
      actionview (>= 6.0.0)
      activemodel (>= 6.0.0)
      bindex (>= 0.4.0)
      railties (>= 6.0.0)
    webdrivers (5.2.0)
      nokogiri (~> 1.6)
      rubyzip (>= 1.3.0)
      selenium-webdriver (~> 4.0)
    webmock (3.18.1)
      addressable (>= 2.8.0)
      crack (>= 0.3.2)
      hashdiff (>= 0.4.0, < 2.0.0)
    webpacker (5.4.3)
      activesupport (>= 5.2)
      rack-proxy (>= 0.6.1)
      railties (>= 5.2)
      semantic_range (>= 2.3.0)
    webrick (1.7.0)
    websocket (1.2.9)
    websocket-driver (0.7.5)
      websocket-extensions (>= 0.1.0)
    websocket-extensions (0.1.5)
    xpath (3.2.0)
      nokogiri (~> 1.8)
    zeitwerk (2.6.6)

PLATFORMS
  ruby

DEPENDENCIES
  amazing_print
  better_errors
  binding_of_caller
  bootsnap (>= 1.1.0)
  brakeman
  byebug
  canonical-rails
  capybara (>= 2.15)
  cloudfront-rails
  config
  dfe-analytics!
  draper
  erb_lint
  factory_bot_rails
  faker
  faraday
  foreman
  geocoder
  geokit
  govuk-components (~> 3.3.0)
  govuk_design_system_formbuilder (~> 3.3.0)
  http
  json-schema
  json_api_client
  jsonapi-deserializable
  jsonapi-renderer
  jsonapi-serializable
  kaminari
  launchy
  listen (>= 3.0.5, < 3.8)
  net-http-persistent
  pkg-config (~> 1.5.1)
  pry-byebug
  puma (~> 6.0)
  rack-mini-profiler
  rails (~> 7.0.4)
  rails_semantic_logger
  redcarpet
  redis
  request_store
  rspec-rails (~> 6.0.1)
  rspec_junit_formatter
  rubocop
  rubocop-rails
  rubocop-rake
  rubocop-rspec
  ruby-lsp
  rubypants
  scss_lint-govuk
  sentry-rails
  sentry-sidekiq
  sidekiq
  sidekiq-cron (~> 1.9)
  simplecov (< 0.18)
  site_prism
  skylight
  spring
  spring-watcher-listen (~> 2.1.0)
  timecop
  view_component
  web-console (>= 3.3.0)
  webdrivers (~> 5.2)
  webmock
  webpacker

RUBY VERSION
   ruby 3.1.0p0

BUNDLED WITH
   2.3.26
